GEM
  remote: https://rubygems.org/
  specs:
    coderay (1.1.3)
    cosmos (4.5.2)
      bundler (>= 1.3)
      httpclient (~> 2.8)
      json (>= 1.5, < 3)
      nokogiri (~> 1.10, < 1.13)
      opengl-bindings (~> 1.6)
      pry (~> 0.9)
      pry-doc (~> 0.5)
      psych (~> 3.3)
      puma (~> 3.10)
      qtbindings (~> 4.8.6, >= 4.8.6.2)
      rack (~> 2.0)
      rake (>= 10.0)
      rdoc (>= 4)
      rubyzip (~> 1.2)
      snmp (~> 1.0)
      uuidtools (~> 2.1)
      yard (~> 0.9.11)
    httpclient (2.8.3)
    json (2.6.1)
    method_source (1.0.0)
    mini_portile2 (2.6.1)
    nokogiri (1.12.5)
      mini_portile2 (~> 2.6.1)
      racc (~> 1.4)
    opengl-bindings (1.6.12)
    pry (0.14.1)
      coderay (~> 1.1)
      method_source (~> 1.0)
    pry-doc (0.13.5)
      pry (~> 0.11)
      yard (~> 0.9.11)
    psych (3.3.2)
    puma (3.12.6)
    qtbindings (4.8.6.5)
    racc (1.6.0)
    rack (2.2.3)
    rake (13.0.6)
    rdoc (6.3.4.1)
    ruby-termios (0.9.6)
    rubyzip (1.3.0)
    snmp (1.3.2)
    uuidtools (2.2.0)
    webrick (1.7.0)
    yard (0.9.27)
      webrick (~> 1.7.0)

PLATFORMS
  ruby

DEPENDENCIES
  cosmos
  ruby-termios (>= 0.9)

BUNDLED WITH
   1.17.3
