GEM
  remote: https://rubygems.org/
  specs:
    coderay (1.1.2)
    cosmos (4.4.0)
      bundler (>= 1.3)
      httpclient (~> 2.8)
      json (>= 1.5, < 3)
      nokogiri (~> 1.10)
      opengl-bindings (~> 1.6)
      pry (~> 0.9)
      pry-doc (~> 0.5)
      puma (~> 3.10)
      qtbindings (~> 4.8.6, >= 4.8.6.2)
      rack (~> 2.0)
      rake (>= 10.0)
      rdoc (>= 4)
      rubyzip (~> 1.2)
      snmp (~> 1.0)
      uuidtools (~> 2.1)
      yard (~> 0.9.11)
    httpclient (2.8.3)
    json (2.2.0)
    method_source (0.9.2)
    mini_portile2 (2.4.0)
    nokogiri (1.10.4)
      mini_portile2 (~> 2.4.0)
    opengl-bindings (1.6.9)
    pry (0.12.2)
      coderay (~> 1.1.0)
      method_source (~> 0.9.0)
    pry-doc (0.13.5)
      pry (~> 0.11)
      yard (~> 0.9.11)
    puma (3.12.1)
    qtbindings (4.8.6.5)
    rack (2.0.8)
    rake (13.0.0)
    rdoc (6.2.0)
    ruby-termios (0.9.6)
    rubyzip (1.3.0)
    snmp (1.3.2)
    uuidtools (2.1.5)
    yard (0.9.20)

PLATFORMS
  ruby

DEPENDENCIES
  cosmos
  ruby-termios (~> 0.9)

BUNDLED WITH
   1.17.3
